PATH
  remote: .
  specs:
    chameleon-rb (0.0.1)
      roo (~> 2.7.0)

GEM
  remote: https://rubygems.org/
  specs:
    diff-lcs (1.3)
    faker (1.8.4)
      i18n (~> 0.5)
    i18n (0.8.6)
    mini_portile2 (2.2.0)
    nokogiri (1.8.0)
      mini_portile2 (~> 2.2.0)
    rake (10.5.0)
    roo (2.7.1)
      nokogiri (~> 1)
      rubyzip (~> 1.1, < 2.0.0)
    rspec (3.6.0)
      rspec-core (~> 3.6.0)
      rspec-expectations (~> 3.6.0)
      rspec-mocks (~> 3.6.0)
    rspec-core (3.6.0)
      rspec-support (~> 3.6.0)
    rspec-expectations (3.6.0)
      diff-lcs (>= 1.2.0, < 2.0)
      rspec-support (~> 3.6.0)
    rspec-mocks (3.6.0)
      diff-lcs (>= 1.2.0, < 2.0)
      rspec-support (~> 3.6.0)
    rspec-support (3.6.0)
    rubyzip (1.2.1)

PLATFORMS
  ruby

DEPENDENCIES
  bundler (~> 1.7)
  chameleon-rb!
  faker (~> 1.6)
  rake (~> 10.0)
  rspec (~> 3.2)

BUNDLED WITH
   1.15.3
